GEM
  remote: https://rubygems.org/
  specs:
    activesupport (5.2.8)
      concurrent-ruby (~> 1.0, >= 1.0.2)
      i18n (>= 0.7, < 2)
      minitest (~> 5.1)
      tzinfo (~> 1.1)
    awesome_print (1.9.2)
    colorize (0.8.1)
    concurrent-ruby (1.1.10)
    dotenv (2.7.6)
    httparty (0.20.0)
      mime-types (~> 3.0)
      multi_xml (>= 0.5.2)
    i18n (1.10.0)
      concurrent-ruby (~> 1.0)
    mime-types (3.4.1)
      mime-types-data (~> 3.2015)
    mime-types-data (3.2022.0105)
    mini_portile2 (2.8.0)
    minitest (5.15.0)
    multi_xml (0.6.0)
    nokogiri (1.13.8)
      mini_portile2 (~> 2.8.0)
      racc (~> 1.4)
    pastel (0.8.0)
      tty-color (~> 0.5)
    puppeteer-ruby (0.40.7)
      concurrent-ruby (~> 1.1.0)
      mime-types (>= 3.0)
      websocket-driver (>= 0.6.0)
    racc (1.6.0)
    rmagick (4.3.0)
    similar_text (0.0.4)
    strings (0.2.1)
      strings-ansi (~> 0.2)
      unicode-display_width (>= 1.5, < 3.0)
      unicode_utils (~> 1.4)
    strings-ansi (0.2.0)
    thread_safe (0.3.6)
    tty-box (0.7.0)
      pastel (~> 0.8)
      strings (~> 0.2.0)
      tty-cursor (~> 0.7)
    tty-color (0.6.0)
    tty-cursor (0.7.1)
    tty-font (0.5.0)
    tty-screen (0.8.1)
    tzinfo (1.2.9)
      thread_safe (~> 0.1)
    unicode-display_width (2.1.0)
    unicode_utils (1.4.0)
    websocket-driver (0.7.5)
      websocket-extensions (>= 0.1.0)
    websocket-extensions (0.1.5)

PLATFORMS
  ruby

DEPENDENCIES
  activesupport
  awesome_print
  colorize
  dotenv
  httparty
  nokogiri
  puppeteer-ruby
  rmagick
  similar_text
  tty-box
  tty-font
  tty-screen

BUNDLED WITH
   2.1.2
